GEM
  remote: https://rubygems.org/
  specs:
    atk (4.1.4)
      glib2 (= 4.1.4)
    cairo (1.17.8)
      native-package-installer (>= 1.0.3)
      pkg-config (>= 1.2.2)
      red-colors
    cairo-gobject (4.1.4)
      cairo (>= 1.16.2)
      glib2 (= 4.1.4)
    fiddle (1.1.1)
    gdk4 (4.1.4)
      cairo-gobject (= 4.1.4)
      gdk_pixbuf2 (= 4.1.4)
      pango (= 4.1.4)
    gdk_pixbuf2 (4.1.4)
      gio2 (= 4.1.4)
    gio2 (4.1.4)
      fiddle
      gobject-introspection (= 4.1.4)
    glib2 (4.1.4)
      native-package-installer (>= 1.0.3)
      pkg-config (>= 1.3.5)
    gobject-introspection (4.1.4)
      glib2 (= 4.1.4)
    gtk4 (4.1.4)
      atk (= 4.1.4)
      gdk4 (= 4.1.4)
    matrix (0.4.2)
    native-package-installer (1.1.5)
    pango (4.1.4)
      cairo-gobject (= 4.1.4)
      gobject-introspection (= 4.1.4)
    pkg-config (1.5.1)
    rake (13.0.6)
    rake-compiler (1.2.1)
      rake
    red-colors (0.3.0)
      matrix

PLATFORMS
  x86_64-linux

DEPENDENCIES
  gobject-introspection (~> 4.1)
  gtk4 (~> 4.1)
  rake (~> 13.0)
  rake-compiler (~> 1.2)

BUNDLED WITH
   2.4.11
